PATH
  remote: .
  specs:
    geminabox-release (0.1.0)

GEM
  remote: https://rubygems.org/
  specs:

PLATFORMS
  ruby

DEPENDENCIES
  geminabox-release!
